GIT
  remote: https://github.com/premailer/css_parser.git
  revision: 6fc4fc316ed411082ae3733f96b796b4ab27528b
  specs:
    css_parser (1.6.0)
      addressable

PATH
  remote: .
  specs:
    premailer (1.11.1)
      addressable
      css_parser (>= 1.6.0)
      htmlentities (>= 4.0.0)

GEM
  remote: https://rubygems.org/
  specs:
    addressable (2.5.2)
      public_suffix (>= 2.0.2, < 4.0)
    coveralls (0.8.21)
      json (>= 1.8, < 3)
      simplecov (~> 0.14.1)
      term-ansicolor (~> 1.3)
      thor (~> 0.19.4)
      tins (~> 1.6)
    crack (0.4.3)
      safe_yaml (~> 1.0.0)
    docile (1.1.5)
    hashdiff (0.3.7)
    htmlentities (4.3.4)
    json (2.1.0)
    maxitest (2.4.0)
      minitest (>= 5.0.0, < 5.11.0)
    mini_portile2 (2.4.0)
    minitest (5.10.3)
    nokogiri (1.9.1)
      mini_portile2 (~> 2.4.0)
    nokogumbo (2.0.1)
      nokogiri (~> 1.8, >= 1.8.4)
    public_suffix (3.0.1)
    rake (12.2.1)
    redcarpet (3.4.0)
    safe_yaml (1.0.4)
    simplecov (0.14.1)
      docile (~> 1.1.0)
      json (>= 1.8, < 3)
      simplecov-html (~> 0.10.0)
    simplecov-html (0.10.2)
    term-ansicolor (1.6.0)
      tins (~> 1.0)
    thor (0.19.4)
    tins (1.15.1)
    webmock (3.1.0)
      addressable (>= 2.3.6)
      crack (>= 0.3.2)
      hashdiff
    yard (0.9.16)

PLATFORMS
  ruby

DEPENDENCIES
  bundler (>= 1.3)
  coveralls
  css_parser!
  jruby-openssl
  maxitest
  nokogiri (~> 1.9.1)
  nokogumbo (~> 2.0.1)
  premailer!
  rake (> 0.8, != 0.9.0)
  redcarpet (~> 3.0)
  webmock
  yard (~> 0.9.11)

BUNDLED WITH
   1.16.1
